GIT
  remote: git://github.com/jscheel/jekyll-ultraviolet.git
  revision: 2160fba6805a258aafdc31dbd37ff98e8bdf1f92
  specs:
    jekyll-ultraviolet (0.0.3)
      liquid
      ultraviolet

GIT
  remote: git://github.com/wycats/ultraviolet.git
  revision: 8603d41ba99681248cac6cea6e0744b702a8d300
  specs:
    ultraviolet (0.10.5)
      spox-textpow

GEM
  remote: http://rubygems.org/
  specs:
    albino (1.3.3)
      posix-spawn (>= 0.3.6)
    classifier (1.3.3)
      fast-stemmer (>= 1.0.0)
    commonjs (0.2.6)
    directory_watcher (1.4.1)
    fast-stemmer (1.0.1)
    jekyll (0.11.2)
      albino (~> 1.3)
      classifier (~> 1.3)
      directory_watcher (~> 1.1)
      kramdown (~> 0.13)
      liquid (~> 2.3)
      maruku (~> 0.5)
    jekyll-less (0.0.4)
      jekyll (>= 0.10.0)
      less (>= 2.0.5)
    kramdown (0.13.5)
    less (2.2.1)
      commonjs (~> 0.2.6)
    libv8 (3.3.10.4)
    liquid (2.3.0)
    maruku (0.6.0)
      syntax (>= 1.0.0)
    posix-spawn (0.3.6)
    spox-plist (3.0.1)
    spox-textpow (0.10.3)
      spox-plist
    syntax (1.0.0)
    therubyracer (0.10.1)
      libv8 (~> 3.3.10)

PLATFORMS
  ruby

DEPENDENCIES
  jekyll
  jekyll-less
  jekyll-ultraviolet!
  therubyracer
  ultraviolet!
